PATH
  remote: .
  specs:
    rack_image_size (0.0.3)
      rack
      rack_replace

GEM
  remote: http://rubygems.org/
  specs:
    rack (1.5.2)
    rack_replace (0.0.4)
      rack
    rake (10.1.1)

PLATFORMS
  ruby

DEPENDENCIES
  rack_image_size!
  rake
