PATH
  remote: .
  specs:
    rack_image_size (0.0.3)
      rack
      rack_replace

GEM
  remote: http://rubygems.org/
  specs:
    rack (1.4.1)
    rack_replace (0.0.3)
      rack
    rake (10.0.2)

PLATFORMS
  ruby

DEPENDENCIES
  rack_image_size!
  rake
